GEM
  remote: https://rubygems.org/
  specs:
    ffi (1.16.3)
    json (2.7.2)
    rake (13.2.1)
    sys-proctable (1.3.0)
      ffi (~> 1.1)

PLATFORMS
  ruby
  x86_64-darwin-21

DEPENDENCIES
  json (~> 2.7.2)
  rake (~> 13.2.1)
  sys-proctable (~> 1.3.0)

BUNDLED WITH
   2.5.7
